NUGET
  remote: https://nuget.org/api/v2
  specs:
    GtkSharp (3.1.2)
